PATH
  remote: .
  specs:
    named-routes (0.3.1)
      activesupport (>= 3.1.0)

GEM
  remote: http://rubygems.org/
  specs:
    activesupport (3.2.9)
      i18n (~> 0.6)
      multi_json (~> 1.0)
    columnize (0.3.6)
    diff-lcs (1.1.3)
    i18n (0.6.1)
    linecache (0.46)
      rbx-require-relative (> 0.0.4)
    multi_json (1.5.0)
    rbx-require-relative (0.0.9)
    rr (1.0.4)
    rspec (2.11.0)
      rspec-core (~> 2.11.0)
      rspec-expectations (~> 2.11.0)
      rspec-mocks (~> 2.11.0)
    rspec-core (2.11.1)
    rspec-expectations (2.11.3)
      diff-lcs (~> 1.1.3)
    rspec-mocks (2.11.3)
    ruby-debug (0.10.4)
      columnize (>= 0.1)
      ruby-debug-base (~> 0.10.4.0)
    ruby-debug-base (0.10.4)
      linecache (>= 0.3)

PLATFORMS
  ruby

DEPENDENCIES
  bundler (>= 1.2.1)
  diff-lcs (= 1.1.3)
  named-routes!
  rr (= 1.0.4)
  rspec (= 2.11.0)
  ruby-debug
